GEM
  remote: https://rubygems.org/
  specs:
    pg (0.19.0)
    rack (1.6.4)
    rack-protection (1.5.3)
      rack
    sinatra (1.3.1)
      rack (~> 1.3, >= 1.3.4)
      rack-protection (~> 1.1, >= 1.1.2)
      tilt (~> 1.3, >= 1.3.3)
    tilt (1.4.1)

PLATFORMS
  ruby

DEPENDENCIES
  pg
  sinatra (= 1.3.1)

RUBY VERSION
   ruby 2.3.1p112

BUNDLED WITH
   1.13.2
